PATH
  remote: .
  specs:
    sunspot_matchers (2.2.0.5)

GEM
  remote: https://rubygems.org/
  specs:
    builder (3.2.2)
    diff-lcs (1.2.5)
    minitest (5.4.3)
    pr_geohash (1.0.0)
    rake (10.4.2)
    rsolr (1.1.1)
      builder (>= 2.1.2)
    rspec (3.2.0)
      rspec-core (~> 3.2.0)
      rspec-expectations (~> 3.2.0)
      rspec-mocks (~> 3.2.0)
    rspec-core (3.2.0)
      rspec-support (~> 3.2.0)
    rspec-expectations (3.2.0)
      diff-lcs (>= 1.2.0, < 2.0)
      rspec-support (~> 3.2.0)
    rspec-mocks (3.2.0)
      diff-lcs (>= 1.2.0, < 2.0)
      rspec-support (~> 3.2.0)
    rspec-support (3.2.1)
    sunspot (2.2.5)
      pr_geohash (~> 1.0)
      rsolr (~> 1.1.1)

PLATFORMS
  ruby

DEPENDENCIES
  bundler (>= 1.0.0)
  minitest
  rake
  rspec
  sunspot (~> 2.2.5)
  sunspot_matchers!

BUNDLED WITH
   1.10.6
